PATH
  remote: .
  specs:
    opener-tokenizer (1.0.5)
      httpclient
      nokogiri
      opener-daemons
      opener-tokenizer-base (>= 1.0.5)
      opener-webservice
      puma
      sinatra (~> 1.4.2)

GEM
  remote: https://rubygems.org/
  specs:
    aws-sdk-core (2.0.0.rc8)
      builder (~> 3.0)
      jamespath
      multi_json (~> 1.0)
      multi_xml (~> 0.5)
    builder (3.2.2)
    coderay (1.1.0)
    cucumber (1.3.10)
      builder (>= 2.1.2)
      diff-lcs (>= 1.1.3)
      gherkin (~> 2.12)
      multi_json (>= 1.7.5, < 2.0)
      multi_test (>= 0.0.2)
    diff-lcs (1.2.5)
    dotenv (0.11.1)
      dotenv-deployment (~> 0.0.2)
    dotenv-deployment (0.0.2)
    ffi (1.9.3)
    gherkin (2.12.2)
      multi_json (~> 1.3)
    httpclient (2.3.4.1)
    jamespath (0.5.0)
    json (1.8.1)
    method_source (0.8.2)
    mini_portile (0.6.0)
    multi_json (1.8.2)
    multi_test (0.0.2)
    multi_xml (0.5.5)
    nokogiri (1.6.2.1)
      mini_portile (= 0.6.0)
    opener-daemons (1.1.1)
      aws-sdk-core (>= 2.0.0.rc1, < 3)
      dotenv
      spoon
    opener-tokenizer-base (1.0.5)
    opener-webservice (1.0.1)
      json
      sinatra (~> 1.4.3)
      uuidtools
    pry (0.9.12.4)
      coderay (~> 1.0)
      method_source (~> 0.8)
      slop (~> 3.4)
    puma (2.8.2)
      rack (>= 1.1, < 2.0)
    rack (1.5.2)
    rack-protection (1.5.3)
      rack
    rake (10.1.0)
    rspec (2.14.1)
      rspec-core (~> 2.14.0)
      rspec-expectations (~> 2.14.0)
      rspec-mocks (~> 2.14.0)
    rspec-core (2.14.7)
    rspec-expectations (2.14.4)
      diff-lcs (>= 1.1.3, < 2.0)
    rspec-mocks (2.14.4)
    sinatra (1.4.5)
      rack (~> 1.4)
      rack-protection (~> 1.4)
      tilt (~> 1.3, >= 1.3.4)
    slop (3.4.7)
    spoon (0.0.4)
      ffi
    tilt (1.4.1)
    uuidtools (2.1.4)

PLATFORMS
  ruby

DEPENDENCIES
  cucumber
  opener-tokenizer!
  pry
  rake
  rspec
